GEM
  remote: http://rubygems.org/
  specs:
    aggregate (0.2.2)
    faraday (0.8.4)
      multipart-post (~> 1.1)
    librato-metrics (0.7.5)
      aggregate (~> 0.2.2)
      faraday (~> 0.7)
      multi_json
    mini_portile2 (2.8.1)
    multi_json (1.3.7)
    multipart-post (1.1.5)
    nokogiri (1.14.3)
      mini_portile2 (~> 2.8.0)
      racc (~> 1.4)
    racc (1.6.2)

PLATFORMS
  ruby

DEPENDENCIES
  librato-metrics
  nokogiri
