GEM
  remote: http://rubygems.org/
  specs:
    aggregate (0.2.2)
    faraday (0.8.4)
      multipart-post (~> 1.1)
    librato-metrics (0.7.5)
      aggregate (~> 0.2.2)
      faraday (~> 0.7)
      multi_json
    multi_json (1.3.7)
    multipart-post (1.1.5)
    nokogiri (1.5.5)

PLATFORMS
  ruby

DEPENDENCIES
  librato-metrics
  nokogiri
